PATH
  remote: .
  specs:
    zomar_cli_project (0.1.0)

GEM
  remote: https://rubygems.org/
  specs:
    coderay (1.1.3)
    json (2.3.1)
    method_source (1.0.0)
    pry (0.13.1)
      coderay (~> 1.1)
      method_source (~> 1.0)
    rake (10.5.0)
    uri (0.10.0)

PLATFORMS
  ruby

DEPENDENCIES
  bundler (~> 2.0)
  json
  pry
  rake (~> 10.0)
  uri
  zomar_cli_project!

BUNDLED WITH
   2.1.4
